GIT
  remote: https://github.com/perlmonger42/reactor-sdk-ruby.git
  revision: fca3269f0d9339c68e61f1133d9daba7e45be362
  ref: fca3269f0d9339c68e61f1133d9daba7e45be362
  specs:
    adobe-reactor (0.1.0)
      addressable (~> 2.5.2)
      faraday (>= 0.15.3)
      faraday_middleware (~> 0.12.2)

PATH
  remote: .
  specs:
    literate-launch (0.1.0)

GEM
  remote: https://rubygems.org/
  specs:
    addressable (2.5.2)
      public_suffix (>= 2.0.2, < 4.0)
    byebug (10.0.2)
    coderay (1.1.2)
    faraday (0.15.4)
      multipart-post (>= 1.2, < 3)
    faraday_middleware (0.12.2)
      faraday (>= 0.7.4, < 1.0)
    method_source (0.9.2)
    minitest (5.11.3)
    minitest-rg (5.2.0)
      minitest (~> 5.0)
    multipart-post (2.0.0)
    pry (0.12.2)
      coderay (~> 1.1.0)
      method_source (~> 0.9.0)
    pry-byebug (3.6.0)
      byebug (~> 10.0)
      pry (~> 0.10)
    public_suffix (3.0.3)
    rake (10.5.0)

PLATFORMS
  ruby

DEPENDENCIES
  adobe-reactor!
  bundler (~> 1.17)
  literate-launch!
  minitest (~> 5.0)
  minitest-rg
  pry
  pry-byebug
  rake (~> 10.0)

BUNDLED WITH
   1.17.1
